NUGET
  remote: https://nuget.org/api/v2
  specs:
    FAKE (4.9.3)
    NuGet.CommandLine (2.8.6)
    xunit.runner.console (2.1.0)
